PATH
  remote: .
  specs:
    dmarket_api (0.1.1)
      ed25519 (~> 1.3.0)
      faraday (~> 2.7.2)

GEM
  remote: https://rubygems.org/
  specs:
    diff-lcs (1.5.0)
    ed25519 (1.3.0)
    faraday (2.7.4)
      faraday-net_http (>= 2.0, < 3.1)
      ruby2_keywords (>= 0.0.4)
    faraday-net_http (3.0.2)
    rake (12.3.3)
    rspec (3.12.0)
      rspec-core (~> 3.12.0)
      rspec-expectations (~> 3.12.0)
      rspec-mocks (~> 3.12.0)
    rspec-core (3.12.1)
      rspec-support (~> 3.12.0)
    rspec-expectations (3.12.2)
      diff-lcs (>= 1.2.0, < 2.0)
      rspec-support (~> 3.12.0)
    rspec-mocks (3.12.3)
      diff-lcs (>= 1.2.0, < 2.0)
      rspec-support (~> 3.12.0)
    rspec-support (3.12.0)
    ruby2_keywords (0.0.5)

PLATFORMS
  ruby

DEPENDENCIES
  dmarket_api!
  ed25519 (~> 1.3.0)
  rake (~> 12.0)
  rspec (~> 3.0)

RUBY VERSION
   ruby 3.0.3p157

BUNDLED WITH
   2.2.32
